GEM
  remote: https://rubygems.org/
  specs:
    minitest (5.8.0)
    mrspec (0.2.1)
      minitest (~> 5.0)
      rspec-core (~> 3.0)
      what_weve_got_here_is_an_error_to_communicate (~> 0.0.4)
    rouge (1.9.0)
    rspec-core (3.3.2)
      rspec-support (~> 3.3.0)
    rspec-support (3.3.0)
    sqlite3 (1.3.10)
    what_weve_got_here_is_an_error_to_communicate (0.0.4)
      rouge (~> 1.8)

PLATFORMS
  ruby

DEPENDENCIES
  mrspec
  rouge (= 1.9.0)
  sqlite3

BUNDLED WITH
   1.10.5
